GEM
  remote: http://rubygems.org/
  specs:
    actionmailer (2.3.11)
      actionpack (= 2.3.11)
    actionpack (2.3.11)
      activesupport (= 2.3.11)
      rack (~> 1.1.0)
    activerecord (2.3.11)
      activesupport (= 2.3.11)
    activeresource (2.3.11)
      activesupport (= 2.3.11)
    activesupport (2.3.11)
    declarative_authorization (0.5.3)
    mysql (2.8.1)
    prawn (0.6.3)
      prawn-core (< 0.7, >= 0.6.3)
      prawn-format (< 0.3, >= 0.2.3)
      prawn-layout (< 0.4, >= 0.3.2)
      prawn-security (< 0.2, >= 0.1.1)
    prawn-core (0.6.3)
    prawn-format (0.2.3)
      prawn-core
    prawn-layout (0.3.2)
    prawn-security (0.1.1)
    rack (1.1.2)
    rails (2.3.11)
      actionmailer (= 2.3.11)
      actionpack (= 2.3.11)
      activerecord (= 2.3.11)
      activeresource (= 2.3.11)
      activesupport (= 2.3.11)
      rake (>= 0.8.3)
    rake (0.8.7)
    searchlogic (2.5.6)
      activerecord (~> 2.3.11)
      activerecord (~> 2.3.11)

PLATFORMS
  ruby

DEPENDENCIES
  declarative_authorization
  mysql
  prawn (= 0.6.3)
  rails (= 2.3.11)
  rake (= 0.8.7)
  searchlogic
